GEM
  remote: https://rubygems.org/
  specs:
    base64 (0.1.1)
    childprocess (4.1.0)
    coderay (1.1.3)
    json (2.6.2)
    method_source (1.0.0)
    net-http (0.2.2)
      uri
    pry (0.14.1)
      coderay (~> 1.1)
      method_source (~> 1.0)
    regexp_parser (2.5.0)
    rexml (3.2.5)
    rubyzip (2.3.2)
    selenium-webdriver (4.2.0)
      childprocess (>= 0.5, < 5.0)
      rexml (~> 3.2, >= 3.2.5)
      rubyzip (>= 1.2.2, < 3.0)
      websocket (~> 1.0)
    uri (0.11.0)
    watir (7.1.0)
      regexp_parser (>= 1.2, < 3)
      selenium-webdriver (~> 4.0)
    websocket (1.2.9)

PLATFORMS
  x86_64-darwin-20
  x86_64-darwin-21

DEPENDENCIES
  base64
  json
  net-http
  pry
  watir

BUNDLED WITH
   2.3.11
